PATH
  remote: .
  specs:
<<<<<<< Updated upstream
    kalindar (0.1.1)
=======
    kalindar (0.1.0)
>>>>>>> Stashed changes
      i18n (~> 0.6)
      ri_cal (~> 0.8)
      sinatra (~> 1.4)
      slim (~> 2.0)

GEM
  remote: https://rubygems.org/
  specs:
    diff-lcs (1.2.5)
    i18n (0.6.9)
    rack (1.5.2)
    rack-protection (1.5.3)
      rack
    rake (10.3.2)
    ri_cal (0.8.8)
    rspec (3.0.0)
      rspec-core (~> 3.0.0)
      rspec-expectations (~> 3.0.0)
      rspec-mocks (~> 3.0.0)
    rspec-core (3.0.3)
      rspec-support (~> 3.0.0)
    rspec-expectations (3.0.3)
      diff-lcs (>= 1.2.0, < 2.0)
      rspec-support (~> 3.0.0)
    rspec-mocks (3.0.3)
      rspec-support (~> 3.0.0)
    rspec-support (3.0.3)
    sinatra (1.4.5)
      rack (~> 1.4)
      rack-protection (~> 1.4)
      tilt (~> 1.3, >= 1.3.4)
    slim (2.0.3)
      temple (~> 0.6.6)
      tilt (>= 1.3.3, < 2.1)
    temple (0.6.8)
    tilt (1.4.1)

PLATFORMS
  ruby

DEPENDENCIES
  bundler (~> 1.6)
  kalindar!
  rake
  rspec
